GEM
  remote: https://rubygems.org/
  specs:
    activesupport (4.0.1)
      i18n (~> 0.6, >= 0.6.4)
      minitest (~> 4.2)
      multi_json (~> 1.3)
      thread_safe (~> 0.1)
      tzinfo (~> 0.3.37)
    atomic (1.1.14)
    bson (2.0.0.rc3)
    gene_pool (1.3.0)
    i18n (0.6.5)
    minitest (4.7.5)
    multi_json (1.8.2)
    rake (10.1.0)
    resilient_socket (0.5.0)
      semantic_logger (>= 2.1)
    ruby_doozer (0.8.1)
      gene_pool (>= 1.3.0)
      multi_json (>= 1.6.1)
      resilient_socket (>= 0.5.0)
      ruby_protobuf (>= 0.4.11)
      semantic_logger (>= 2.1)
      sync_attr (>= 1.0.0)
    ruby_protobuf (0.4.11)
    semantic_logger (2.5.0)
      sync_attr (>= 1.0)
      thread_safe (>= 0.1.0)
    shoulda (3.5.0)
      shoulda-context (~> 1.0, >= 1.0.1)
      shoulda-matchers (>= 1.4.1, < 3.0)
    shoulda-context (1.1.6)
    shoulda-matchers (2.4.0)
      activesupport (>= 3.0.0)
    sync_attr (1.0.0)
    thread_safe (0.1.3)
      atomic
    tzinfo (0.3.38)
    zookeeper (1.4.7)

PLATFORMS
  ruby

DEPENDENCIES
  bson (>= 2.0.0.rc3)
  gene_pool
  multi_json
  rake
  resilient_socket
  ruby_doozer
  semantic_logger (>= 2.1)
  shoulda
  thread_safe
  zookeeper
